GEM
  remote: https://rubygems.org/
  specs:
    fileutils (0.7)
      rmagick (>= 2.13.1)
    json (1.8.1)
    rmagick (2.13.2)

PLATFORMS
  ruby

DEPENDENCIES
  fileutils
  json
